GEM
  remote: https://rubygems.org/
  specs:
    archive-tar-minitar (0.5.2)
    commander (4.2.0)
      highline (~> 1.6.11)
    docker-api (1.13.2)
      archive-tar-minitar
      excon (>= 0.38.0)
      json
    excon (0.71.1)
    highline (1.6.21)
    json (1.8.1)

PLATFORMS
  ruby

DEPENDENCIES
  commander
  docker-api
