GEM
  remote: https://rubygems.org/
  specs:
    archive-tar-minitar (0.5.2)
    commander (4.2.0)
      highline (~> 1.6.11)
    docker-api (1.13.2)
      archive-tar-minitar
      excon (>= 0.38.0)
      json
    excon (0.39.3)
    faraday (0.8.9)
      multipart-post (~> 1.2.0)
    faraday_middleware (0.9.0)
      faraday (>= 0.7.4, < 0.9)
    fleet-api (0.0.1)
      faraday (= 0.8.9)
      faraday_middleware (= 0.9.0)
    highline (1.6.21)
    json (1.8.1)
    multipart-post (1.2.0)

PLATFORMS
  ruby

DEPENDENCIES
  commander
  docker-api
  fleet-api
